GIT
  remote: git://github.com/neoeno/rubocop_renamed.git
  revision: 2c669b384421bb163aa6a58b045d2eb256ef295b
  specs:
    rubocop (0.32.0)
      astrolabe (~> 1.3)
      parser (>= 2.2.2.5, < 3.0)
      powerpack (~> 0.1)
      rainbow (>= 1.99.1, < 3.0)
      ruby-progressbar (~> 1.4)

GEM
  remote: https://rubygems.org/
  specs:
    ast (2.0.0)
    astrolabe (1.3.0)
      parser (>= 2.2.0.pre.3, < 3.0)
    parser (2.2.2.5)
      ast (>= 1.1, < 3.0)
    powerpack (0.1.1)
    rainbow (2.0.0)
    ruby-progressbar (1.7.5)

PLATFORMS
  ruby

DEPENDENCIES
  rubocop!

BUNDLED WITH
   1.10.4
